GEM
  remote: https://rubygems.org/
  specs:
    coderay (1.1.2)
    crass (1.0.5)
    httparty (0.17.1)
      mime-types (~> 3.0)
      multi_xml (>= 0.5.2)
    json (2.2.0)
    loofah (2.4.0)
      crass (~> 1.0.2)
      nokogiri (>= 1.5.9)
    method_source (0.9.2)
    mime-types (3.3)
      mime-types-data (~> 3.2015)
    mime-types-data (3.2019.1009)
    mini_portile2 (2.4.0)
    multi_xml (0.6.0)
    mustermann (1.0.3)
    nio4r (2.5.2)
    nokogiri (1.10.8)
      mini_portile2 (~> 2.4.0)
    pry (0.12.2)
      coderay (~> 1.1.0)
      method_source (~> 0.9.0)
    puma (4.3.5)
      nio4r (~> 2.0)
    r18n-core (3.2.0)
    rack (2.2.3)
    rack-protection (2.0.7)
      rack
    rails-html-sanitizer (1.3.0)
      loofah (~> 2.3)
    shotgun (0.9.2)
      rack (>= 1.0)
    sinatra (2.0.7)
      mustermann (~> 1.0)
      rack (~> 2.0)
      rack-protection (= 2.0.7)
      tilt (~> 2.0)
    sinatra-r18n (3.2.0)
      r18n-core (= 3.2.0)
      sinatra (>= 1.3, < 3)
    tilt (2.0.10)

PLATFORMS
  ruby

DEPENDENCIES
  httparty
  json
  pry
  puma
  rails-html-sanitizer
  shotgun
  sinatra
  sinatra-r18n
  tzinfo-data

BUNDLED WITH
   2.0.2
